PATH
  remote: .
  specs:
    app_perf_ruby_agent (0.0.1)

GEM
  remote: https://rubygems.org/
  specs:

PLATFORMS
  ruby

DEPENDENCIES
  app_perf_ruby_agent!

BUNDLED WITH
   1.10.2
